GIT
  remote: git@github.com:nakajima/makers-mark.git
  revision: ec4b718b65f2a6a3359d7b2d9b8be7a608517bd2
  specs:
    makers-mark (0.1.1)
      bluecloth (>= 2.0.0)
      nokogiri

GEM
  remote: https://rubygems.org/
  specs:
    bluecloth (2.2.0)
    mini_portile (0.5.3)
    nokogiri (1.6.1)
      mini_portile (~> 0.5.0)
    open4 (1.3.3)
    slidedown (0.2.0)
      makers-mark
      nokogiri

PLATFORMS
  ruby

DEPENDENCIES
  makers-mark!
  open4
  slidedown (~> 0.2.0)
